GIT
  remote: git://github.com/mirah/pindah.git
  revision: 25b4054d6082897cc4139fbabf3c5aee499943b3
  specs:
    pindah (0.1.3.dev)
      mirah (>= 0.0.10.dev)

GEM
  remote: http://rubygems.org/
  specs:
    bitescript (0.1.0)
    mirah (0.0.11-java)
      bitescript (>= 0.0.8)
    rake (0.9.2.2)

PLATFORMS
  java

DEPENDENCIES
  mirah
  pindah!
  rake
